PATH
  remote: .
  specs:
    sidekiq-datadog (0.4.1)
      dogstatsd-ruby (>= 3.3.0)
      sidekiq

GEM
  remote: https://rubygems.org/
  specs:
    connection_pool (2.2.2)
    diff-lcs (1.3)
    dogstatsd-ruby (4.2.0)
    rack (2.0.7)
    rack-protection (2.0.5)
      rack
    rake (12.3.2)
    redis (4.1.0)
    rspec (3.8.0)
      rspec-core (~> 3.8.0)
      rspec-expectations (~> 3.8.0)
      rspec-mocks (~> 3.8.0)
    rspec-core (3.8.0)
      rspec-support (~> 3.8.0)
    rspec-expectations (3.8.3)
      diff-lcs (>= 1.2.0, < 2.0)
      rspec-support (~> 3.8.0)
    rspec-mocks (3.8.0)
      diff-lcs (>= 1.2.0, < 2.0)
      rspec-support (~> 3.8.0)
    rspec-support (3.8.0)
    sidekiq (5.2.7)
      connection_pool (~> 2.2, >= 2.2.2)
      rack (>= 1.5.0)
      rack-protection (>= 1.5.0)
      redis (>= 3.3.5, < 5)

PLATFORMS
  ruby

DEPENDENCIES
  bundler
  rake
  rspec (~> 3.0)
  sidekiq-datadog!

BUNDLED WITH
   2.0.1
